PATH
  remote: .
  specs:
    rblineprof (0.3.7)
      debugger-ruby_core_source (~> 1.3)

GEM
  remote: https://rubygems.org/
  specs:
    debugger-ruby_core_source (1.3.8)
    rake (13.0.3)
    rake-compiler (0.9.2)
      rake

PLATFORMS
  ruby

DEPENDENCIES
  rake-compiler
  rblineprof!
